GEM
  remote: https://rubygems.org/
  specs:
    bosh_common (1.3157.0)
      logging (~> 1.8.2)
      semi_semantic (~> 1.1.0)
    bosh_cpi (1.3157.0)
      bosh_common (~> 1.3157.0)
      logging (~> 1.8.2)
      membrane (~> 1.1.0)
    faraday (0.9.2)
      multipart-post (>= 1.2, < 3)
    little-plugger (1.1.4)
    logging (1.8.2)
      little-plugger (>= 1.1.3)
      multi_json (>= 1.8.4)
    membrane (1.1.0)
    multi_json (1.11.2)
    multipart-post (2.0.0)
    semi_semantic (1.1.0)

PLATFORMS
  ruby

DEPENDENCIES
  bosh_cpi
  faraday
  little-plugger
  multi_json

BUNDLED WITH
   1.10.6
